STORAGE: NONE
RESTRICTION: || (== net5.0) (== netstandard2.0) (== netstandard2.1)
NUGET
  remote: https://api.nuget.org/v3/index.json
    FSharp.Control.AsyncSeq (3.1)
      FSharp.Core (>= 4.3.2)
      Microsoft.Bcl.AsyncInterfaces (>= 5.0) - restriction: || (&& (== net5.0) (< netstandard2.1)) (== netstandard2.0)
    FSharp.Core (5.0.2)
    FSharp.Data (4.2.2)
      FSharp.Core (>= 4.7.2)
    FSharp.Data.SqlClient (2.0.7)
      FSharp.Core (>= 4.3.4)
      System.Configuration.ConfigurationManager (>= 4.5)
      System.Data.SqlClient (>= 4.5.1)
    FSharpx.Async (1.14.1)
      FSharp.Control.AsyncSeq (>= 2.0.21)
      FSharp.Core (>= 4.6.2)
    Giraffe (5.0)
      FSharp.Core (>= 5.0) - restriction: || (== net5.0) (&& (== netstandard2.0) (>= net5.0)) (&& (== netstandard2.1) (>= net5.0))
      Giraffe.ViewEngine (>= 1.3) - restriction: || (== net5.0) (&& (== netstandard2.0) (>= net5.0)) (&& (== netstandard2.1) (>= net5.0))
      Microsoft.IO.RecyclableMemoryStream (>= 1.3.6) - restriction: || (== net5.0) (&& (== netstandard2.0) (>= net5.0)) (&& (== netstandard2.1) (>= net5.0))
      Newtonsoft.Json (>= 12.0.3) - restriction: || (== net5.0) (&& (== netstandard2.0) (>= net5.0)) (&& (== netstandard2.1) (>= net5.0))
      Ply (>= 0.3.1) - restriction: || (== net5.0) (&& (== netstandard2.0) (>= net5.0)) (&& (== netstandard2.1) (>= net5.0))
      System.Text.Json (>= 5.0.2) - restriction: || (== net5.0) (&& (== netstandard2.0) (>= net5.0)) (&& (== netstandard2.1) (>= net5.0))
      Utf8Json (>= 1.3.7) - restriction: || (== net5.0) (&& (== netstandard2.0) (>= net5.0)) (&& (== netstandard2.1) (>= net5.0))
    Giraffe.ViewEngine (1.4) - restriction: || (== net5.0) (&& (== netstandard2.0) (>= net5.0)) (&& (== netstandard2.1) (>= net5.0))
      FSharp.Core (>= 5.0)
    Microsoft.Bcl.AsyncInterfaces (5.0) - restriction: || (&& (== net5.0) (< netstandard2.1)) (== netstandard2.0)
      System.Threading.Tasks.Extensions (>= 4.5.4) - restriction: || (&& (== net5.0) (>= net461)) (&& (== net5.0) (< netcoreapp2.1) (< netstandard2.1)) (== netstandard2.0) (&& (== netstandard2.1) (>= net461))
    Microsoft.IO.RecyclableMemoryStream (2.1.3) - restriction: || (== net5.0) (&& (== netstandard2.0) (>= net5.0)) (&& (== netstandard2.1) (>= net5.0))
    Microsoft.NETCore.Platforms (5.0.2) - restriction: || (== net5.0) (&& (== netstandard2.0) (>= netcoreapp2.0)) (&& (== netstandard2.1) (>= netcoreapp2.0))
    Microsoft.Win32.Registry (5.0)
      System.Buffers (>= 4.5.1) - restriction: || (&& (== net5.0) (>= monoandroid) (< netstandard1.3)) (&& (== net5.0) (>= monotouch)) (&& (== net5.0) (< netcoreapp2.0)) (&& (== net5.0) (>= xamarinios)) (&& (== net5.0) (>= xamarinmac)) (&& (== net5.0) (>= xamarintvos)) (&& (== net5.0) (>= xamarinwatchos)) (== netstandard2.0) (== netstandard2.1)
      System.Memory (>= 4.5.4) - restriction: || (&& (== net5.0) (< netcoreapp2.0)) (&& (== net5.0) (< netcoreapp2.1)) (&& (== net5.0) (>= uap10.1)) (== netstandard2.0) (== netstandard2.1)
      System.Security.AccessControl (>= 5.0)
      System.Security.Principal.Windows (>= 5.0)
    Microsoft.Win32.SystemEvents (5.0) - restriction: || (== net5.0) (&& (== netstandard2.0) (>= netcoreapp3.0)) (&& (== netstandard2.1) (>= netcoreapp3.0))
      Microsoft.NETCore.Platforms (>= 5.0) - restriction: || (== net5.0) (&& (== netstandard2.0) (>= netcoreapp2.0)) (&& (== netstandard2.1) (>= netcoreapp2.0))
    Newtonsoft.Json (13.0.1) - restriction: || (== net5.0) (&& (== netstandard2.0) (>= net5.0)) (&& (== netstandard2.1) (>= net5.0))
    Ply (0.3.1) - restriction: || (== net5.0) (&& (== netstandard2.0) (>= net5.0)) (&& (== netstandard2.1) (>= net5.0))
      FSharp.Core (>= 4.6.2)
      System.Threading.Tasks.Extensions (>= 4.5.4)
    runtime.native.System.Data.SqlClient.sni (4.7)
      runtime.win-arm64.runtime.native.System.Data.SqlClient.sni (>= 4.4)
      runtime.win-x64.runtime.native.System.Data.SqlClient.sni (>= 4.4)
      runtime.win-x86.runtime.native.System.Data.SqlClient.sni (>= 4.4)
    runtime.win-arm64.runtime.native.System.Data.SqlClient.sni (4.4)
    runtime.win-x64.runtime.native.System.Data.SqlClient.sni (4.4)
    runtime.win-x86.runtime.native.System.Data.SqlClient.sni (4.4)
    System.Buffers (4.5.1) - restriction: || (&& (== net5.0) (< netcoreapp2.0)) (== netstandard2.0) (== netstandard2.1)
    System.Configuration.ConfigurationManager (5.0)
      System.Security.Cryptography.ProtectedData (>= 5.0)
      System.Security.Permissions (>= 5.0)
    System.Data.SqlClient (4.8.2)
      Microsoft.Win32.Registry (>= 4.7)
      runtime.native.System.Data.SqlClient.sni (>= 4.7)
      System.Buffers (>= 4.5.1) - restriction: || (&& (== net5.0) (< netcoreapp2.0)) (== netstandard2.0) (== netstandard2.1)
      System.Diagnostics.DiagnosticSource (>= 4.7) - restriction: || (&& (== net5.0) (< netcoreapp2.0)) (&& (== net5.0) (< netcoreapp2.1)) (&& (== net5.0) (< netcoreapp3.1)) (&& (== net5.0) (< netstandard2.0)) (&& (== net5.0) (>= uap10.1)) (== netstandard2.0) (== netstandard2.1)
      System.Memory (>= 4.5.4) - restriction: || (&& (== net5.0) (< netcoreapp2.0)) (&& (== net5.0) (< netcoreapp2.1)) (&& (== net5.0) (>= uap10.1)) (== netstandard2.0) (== netstandard2.1)
      System.Security.Principal.Windows (>= 4.7)
      System.Text.Encoding.CodePages (>= 4.7) - restriction: || (&& (== net5.0) (< netcoreapp2.0)) (&& (== net5.0) (< netcoreapp2.1)) (&& (== net5.0) (< netcoreapp3.1)) (&& (== net5.0) (< netstandard2.0)) (&& (== net5.0) (>= uap10.1)) (== netstandard2.0) (== netstandard2.1)
    System.Diagnostics.DiagnosticSource (5.0.1) - restriction: || (&& (== net5.0) (< netcoreapp2.0)) (&& (== net5.0) (< netcoreapp2.1)) (&& (== net5.0) (< netcoreapp3.1)) (&& (== net5.0) (< netstandard2.0)) (&& (== net5.0) (>= uap10.1)) (== netstandard2.0) (== netstandard2.1)
      System.Memory (>= 4.5.4) - restriction: || (&& (== net5.0) (>= net45) (< netstandard1.3)) (&& (== net5.0) (>= net46)) (&& (== net5.0) (< netcoreapp2.1)) (&& (== net5.0) (< netstandard2.0)) (&& (== net5.0) (>= uap10.1)) (== netstandard2.0) (== netstandard2.1)
      System.Runtime.CompilerServices.Unsafe (>= 5.0) - restriction: || (&& (== net5.0) (>= monoandroid) (< netstandard1.1)) (&& (== net5.0) (>= monotouch)) (&& (== net5.0) (>= net45) (< netstandard1.3)) (&& (== net5.0) (>= net46)) (&& (== net5.0) (< netcoreapp2.1)) (&& (== net5.0) (< netcoreapp3.0)) (&& (== net5.0) (< netstandard2.0)) (&& (== net5.0) (>= uap10.1)) (== netstandard2.0) (== netstandard2.1)
    System.Drawing.Common (5.0.2) - restriction: || (== net5.0) (&& (== netstandard2.0) (>= netcoreapp3.0)) (&& (== netstandard2.1) (>= netcoreapp3.0))
      Microsoft.Win32.SystemEvents (>= 5.0) - restriction: || (== net5.0) (&& (== netstandard2.0) (>= netcoreapp2.0)) (&& (== netstandard2.0) (>= netcoreapp3.0)) (&& (== netstandard2.1) (>= netcoreapp2.0)) (&& (== netstandard2.1) (>= netcoreapp3.0))
    System.Memory (4.5.4) - restriction: || (&& (== net5.0) (< netcoreapp2.0)) (&& (== net5.0) (< netcoreapp2.1)) (&& (== net5.0) (>= uap10.1)) (== netstandard2.0) (== netstandard2.1)
      System.Buffers (>= 4.5.1) - restriction: || (&& (== net5.0) (>= monotouch)) (&& (== net5.0) (>= net461)) (&& (== net5.0) (< netcoreapp2.0)) (&& (== net5.0) (< netstandard1.1)) (&& (== net5.0) (< netstandard2.0)) (&& (== net5.0) (>= xamarinios)) (&& (== net5.0) (>= xamarinmac)) (&& (== net5.0) (>= xamarintvos)) (&& (== net5.0) (>= xamarinwatchos)) (== netstandard2.0) (== netstandard2.1)
      System.Numerics.Vectors (>= 4.4) - restriction: || (&& (== net5.0) (< netcoreapp2.0)) (== netstandard2.0) (== netstandard2.1)
      System.Runtime.CompilerServices.Unsafe (>= 4.5.3) - restriction: || (&& (== net5.0) (>= monotouch)) (&& (== net5.0) (>= net461)) (&& (== net5.0) (< netcoreapp2.0)) (&& (== net5.0) (< netcoreapp2.1)) (&& (== net5.0) (< netstandard1.1)) (&& (== net5.0) (< netstandard2.0)) (&& (== net5.0) (>= uap10.1)) (&& (== net5.0) (>= xamarinios)) (&& (== net5.0) (>= xamarinmac)) (&& (== net5.0) (>= xamarintvos)) (&& (== net5.0) (>= xamarinwatchos)) (== netstandard2.0) (== netstandard2.1)
    System.Numerics.Vectors (4.5) - restriction: || (&& (== net5.0) (< netcoreapp2.0)) (&& (== net5.0) (>= uap10.1)) (== netstandard2.0) (== netstandard2.1)
    System.Reflection.Emit (4.7) - restriction: || (== net5.0) (&& (== netstandard2.0) (>= net5.0)) (&& (== netstandard2.1) (>= net5.0))
    System.Reflection.Emit.Lightweight (4.7) - restriction: || (== net5.0) (&& (== netstandard2.0) (>= net5.0)) (&& (== netstandard2.1) (>= net5.0))
    System.Runtime.CompilerServices.Unsafe (5.0) - restriction: || (&& (== net5.0) (>= monoandroid) (< netstandard1.1)) (&& (== net5.0) (>= monotouch)) (&& (== net5.0) (>= net45) (< netstandard1.3)) (&& (== net5.0) (>= net46)) (&& (== net5.0) (< netcoreapp2.0)) (&& (== net5.0) (< netcoreapp2.1)) (&& (== net5.0) (< netcoreapp3.0)) (&& (== net5.0) (< netstandard2.0)) (&& (== net5.0) (>= uap10.1)) (== netstandard2.0) (== netstandard2.1)
    System.Security.AccessControl (5.0)
      Microsoft.NETCore.Platforms (>= 5.0) - restriction: || (== net5.0) (&& (== netstandard2.0) (>= netcoreapp2.0)) (&& (== netstandard2.1) (>= netcoreapp2.0))
      System.Security.Principal.Windows (>= 5.0)
    System.Security.Cryptography.ProtectedData (5.0)
      System.Memory (>= 4.5.4) - restriction: || (&& (== net5.0) (< netcoreapp2.1)) (== netstandard2.0) (== netstandard2.1)
    System.Security.Permissions (5.0)
      System.Security.AccessControl (>= 5.0)
      System.Windows.Extensions (>= 5.0) - restriction: || (== net5.0) (&& (== netstandard2.0) (>= netcoreapp3.0)) (&& (== netstandard2.1) (>= netcoreapp3.0))
    System.Security.Principal.Windows (5.0)
    System.Text.Encoding.CodePages (5.0) - restriction: || (&& (== net5.0) (< netcoreapp2.0)) (&& (== net5.0) (< netcoreapp2.1)) (&& (== net5.0) (< netcoreapp3.1)) (&& (== net5.0) (< netstandard2.0)) (&& (== net5.0) (>= uap10.1)) (== netstandard2.0) (== netstandard2.1)
      System.Runtime.CompilerServices.Unsafe (>= 5.0) - restriction: || (&& (== net5.0) (>= net461)) (&& (== net5.0) (< netcoreapp2.0)) (== netstandard2.0) (== netstandard2.1)
    System.Text.Json (5.0.2) - restriction: || (== net5.0) (&& (== netstandard2.0) (>= net5.0)) (&& (== netstandard2.1) (>= net5.0))
    System.Threading.Tasks.Extensions (4.5.4) - restriction: || (== net5.0) (== netstandard2.0) (&& (== netstandard2.1) (>= net5.0))
    System.ValueTuple (4.5) - restriction: || (== net5.0) (&& (== netstandard2.0) (>= net5.0)) (&& (== netstandard2.1) (>= net5.0))
    System.Windows.Extensions (5.0) - restriction: || (== net5.0) (&& (== netstandard2.0) (>= netcoreapp3.0)) (&& (== netstandard2.1) (>= netcoreapp3.0))
      System.Drawing.Common (>= 5.0) - restriction: || (== net5.0) (&& (== netstandard2.0) (>= netcoreapp3.0)) (&& (== netstandard2.1) (>= netcoreapp3.0))
    Utf8Json (1.3.7) - restriction: || (== net5.0) (&& (== netstandard2.0) (>= net5.0)) (&& (== netstandard2.1) (>= net5.0))
      System.Reflection.Emit (>= 4.3)
      System.Reflection.Emit.Lightweight (>= 4.3)
      System.Threading.Tasks.Extensions (>= 4.4)
      System.ValueTuple (>= 4.4)
